GEM
  remote: https://rubygems.org/
  specs:
    builder (3.2.3)
    charlock_holmes (0.7.6)
    colorize (0.8.1)
    diff-lcs (1.3)
    expression_parser (0.9.0)
    gemojione (3.3.0)
      json
    github-markup (1.7.0)
    gitlab-grit (2.8.2)
      charlock_holmes (~> 0.6)
      diff-lcs (~> 1.1)
      mime-types (>= 1.16)
      posix-spawn (~> 0.3)
    gollum-grit_adapter (1.0.1)
      gitlab-grit (~> 2.7, >= 2.7.1)
    gollum-lib (4.2.7)
      gemojione (~> 3.2)
      github-markup (~> 1.6)
      gollum-grit_adapter (~> 1.0)
      nokogiri (>= 1.6.1, < 2.0)
      rouge (~> 2.1)
      sanitize (~> 2.1)
      stringex (~> 2.6)
    htmlentities (4.3.4)
    idn-ruby (0.1.0)
    json (2.1.0)
    mime-types (3.1)
      mime-types-data (~> 3.2015)
    mime-types-data (3.2016.0521)
    mini_portile2 (2.3.0)
    nokogiri (1.8.2)
      mini_portile2 (~> 2.3.0)
    posix-spawn (0.3.13)
    rake (12.3.1)
    redcarpet (3.4.0)
    rouge (2.2.1)
    sanitize (2.1.0)
      nokogiri (>= 1.4.4)
    stringex (2.8.4)
    twitter-text (2.1.0)
      idn-ruby
      unf (~> 0.1.0)
    unf (0.1.4)
      unf_ext
    unf_ext (0.0.7.5)
    wikicloth (0.8.3)
      builder
      expression_parser
      htmlentities
      nokogiri
      twitter-text

PLATFORMS
  ruby

DEPENDENCIES
  colorize
  gollum-lib
  rake
  redcarpet
  wikicloth

BUNDLED WITH
   1.16.1
