GEM
  remote: https://rubygems.org/
  specs:
    builder (3.2.3)
    charlock_holmes (0.7.3)
    diff-lcs (1.3)
    expression_parser (0.9.0)
    gemojione (2.6.1)
      json
    github-markup (1.4.1)
    gitlab-grit (2.8.1)
      charlock_holmes (~> 0.6)
      diff-lcs (~> 1.1)
      mime-types (>= 1.16, < 3)
      posix-spawn (~> 0.3)
    gollum-grit_adapter (1.0.1)
      gitlab-grit (~> 2.7, >= 2.7.1)
    gollum-lib (4.2.2)
      gemojione (~> 2.2)
      github-markup (~> 1.4)
      gollum-grit_adapter (~> 1.0)
      nokogiri (~> 1.6.4)
      rouge (~> 2.0)
      sanitize (~> 2.1)
      stringex (~> 2.6)
    htmlentities (4.3.4)
    json (2.0.3)
    mime-types (2.99.3)
    mini_portile2 (2.1.0)
    nokogiri (1.6.8.1)
      mini_portile2 (~> 2.1.0)
    posix-spawn (0.3.13)
    rake (12.0.0)
    redcarpet (3.4.0)
    rouge (2.0.7)
    sanitize (2.1.0)
      nokogiri (>= 1.4.4)
    stringex (2.7.1)
    twitter-text (1.14.5)
      unf (~> 0.1.0)
    unf (0.1.4)
      unf_ext
    unf_ext (0.0.7.2)
    wikicloth (0.8.3)
      builder
      expression_parser
      htmlentities
      nokogiri
      twitter-text

PLATFORMS
  ruby

DEPENDENCIES
  gollum-lib
  rake
  redcarpet
  wikicloth

BUNDLED WITH
   1.13.6
